PATH
  remote: .
  specs:
    brute (0.1.0)

GEM
  remote: https://rubygems.org/
  specs:
    rake (10.4.2)

PLATFORMS
  ruby

DEPENDENCIES
  brute!
  bundler (~> 1.9)
  rake (~> 10.0)
